PATH
  remote: .
  specs:
    omniauth-telegram (0.1.0)
      omniauth (~> 1.0)

GEM
  remote: https://rubygems.org/
  specs:
    diff-lcs (1.3)
    hashie (3.6.0)
    omniauth (1.9.0)
      hashie (>= 3.4.6, < 3.7.0)
      rack (>= 1.6.2, < 3)
    rack (2.0.8)
    rake (13.0.1)
    rspec (3.6.0)
      rspec-core (~> 3.6.0)
      rspec-expectations (~> 3.6.0)
      rspec-mocks (~> 3.6.0)
    rspec-core (3.6.0)
      rspec-support (~> 3.6.0)
    rspec-expectations (3.6.0)
      diff-lcs (>= 1.2.0, < 2.0)
      rspec-support (~> 3.6.0)
    rspec-mocks (3.6.0)
      diff-lcs (>= 1.2.0, < 2.0)
      rspec-support (~> 3.6.0)
    rspec-support (3.6.0)

PLATFORMS
  ruby

DEPENDENCIES
  bundler (~> 1.16)
  omniauth-telegram!
  rake (~> 13.0)
  rspec (~> 3.0)

BUNDLED WITH
   1.17.1
